GEM
  remote: https://rubygems.org/
  specs:
    aws-sdk (2.9.7)
      aws-sdk-resources (= 2.9.7)
    aws-sdk-core (2.9.7)
      aws-sigv4 (~> 1.0)
      jmespath (~> 1.0)
    aws-sdk-resources (2.9.7)
      aws-sdk-core (= 2.9.7)
    aws-sigv4 (1.0.0)
    byebug (9.1.0)
    jmespath (1.3.1)
    mini_exiftool (2.8.0)
    minitest (5.11.3)
    rack (2.0.3)

PLATFORMS
  ruby

DEPENDENCIES
  aws-sdk (~> 2)
  byebug
  mini_exiftool (~> 2.8.0)
  minitest
  rack

BUNDLED WITH
   1.12.5
